GIT
  remote: git://github.com/jaimerson/grimm.git
  revision: db433443472b0f288a070822ecce9a9ec2eb0f33
  branch: master
  specs:
    grimm (0.0.1)

GEM
  remote: https://rubygems.org/
  specs:

PLATFORMS
  ruby

DEPENDENCIES
  grimm!
